GEM
  remote: https://rubygems.org/
  specs:
    rack (2.2.3)
    sinatra (3.0.5)
      rack (~> 2.2)

PLATFORMS
  ruby
  x86_64-linux

DEPENDENCIES
  rack
  sinatra

BUNDLED WITH
   2.3.7
